GEM
  remote: https://rubygems.org/
  specs:
    ast (2.4.2)
    colorize (0.8.1)
    help_parser (8.2.230210)
    json (2.6.3)
    parallel (1.22.1)
    parser (3.2.1.0)
      ast (~> 2.4.1)
    power_assert (2.0.3)
    rainbow (3.1.1)
    regexp_parser (2.7.0)
    rexml (3.3.3)
      strscan
    rubocop (1.45.1)
      json (~> 2.3)
      parallel (~> 1.10)
      parser (>= 3.2.0.0)
      rainbow (>= 2.2.2, < 4.0)
      regexp_parser (>= 1.8, < 3.0)
      rexml (>= 3.2.5, < 4.0)
      rubocop-ast (>= 1.24.1, < 2.0)
      ruby-progressbar (~> 1.7)
      unicode-display_width (>= 2.4.0, < 3.0)
    rubocop-ast (1.26.0)
      parser (>= 3.2.1.0)
    ruby-progressbar (1.11.0)
    strscan (3.1.0)
    test-unit (3.5.7)
      power_assert
    unicode-display_width (2.4.2)

PLATFORMS
  aarch64-linux
  x86_64-linux

DEPENDENCIES
  colorize
  help_parser
  parser
  rubocop
  test-unit

RUBY VERSION
   ruby 3.2.1p31

BUNDLED WITH
   2.4.7
